GEM
  remote: https://rubygems.org/
  specs:
    colorize (0.8.1)
    concurrent-ruby (1.1.6)
    faker (2.11.0)
      i18n (>= 1.6, < 2)
    i18n (1.8.2)
      concurrent-ruby (~> 1.0)
    power_assert (1.2.0)
    test-unit (3.3.5)
      power_assert
    timeout (0.1.0)
    tty-cursor (0.7.1)
    tty-screen (0.7.1)

PLATFORMS
  ruby

DEPENDENCIES
  colorize (~> 0.8.1)
  faker (~> 2.11)
  test-unit (~> 3.3)
  timeout (~> 0.1.0)
  tty-cursor (~> 0.7.1)
  tty-screen (~> 0.7.1)

BUNDLED WITH
   2.1.4
